GEM
  remote: https://rubygems.org/
  specs:
    mini_portile2 (2.5.3)
    mustermann (3.0.3)
      ruby2_keywords (~> 0.0.1)
    nokogiri (1.11.0)
      mini_portile2 (~> 2.5.0)
      racc (~> 1.4)
    racc (1.7.2)
    rack (2.2.10)
    rack-protection (3.0.0)
      rack
    ruby2_keywords (0.0.5)
    sinatra (3.0.0)
      mustermann (~> 3.0)
      rack (~> 2.2, >= 2.2.4)
      rack-protection (= 3.0.0)
      tilt (~> 2.0)
    tilt (2.5.0)

PLATFORMS
  ruby

DEPENDENCIES
  nokogiri (= 1.11)
  sinatra (= 3.0.0)

BUNDLED WITH
   2.4.18
