GEM
  remote: https://rubygems.org/
  specs:
    mini_portile2 (2.5.3)
    mustermann (1.1.2)
      ruby2_keywords (~> 0.0.1)
    nokogiri (1.11.0)
      mini_portile2 (~> 2.5.0)
      racc (~> 1.4)
    racc (1.7.2)
    rack (2.2.17)
    rack-protection (2.0.0)
      rack
    ruby2_keywords (0.0.5)
    sinatra (2.0.0)
      mustermann (~> 1.0)
      rack (~> 2.0)
      rack-protection (= 2.0.0)
      tilt (~> 2.0)
    tilt (2.6.1)

PLATFORMS
  ruby

DEPENDENCIES
  nokogiri (= 1.11)
  sinatra (= 2.0.0)

BUNDLED WITH
   2.4.18
